GEM
  remote: https://rubygems.org/
  specs:
    mustermann (1.0.3)
    pg (1.1.4)
    rack (2.2.6.4)
    rack-protection (2.0.5)
      rack
    rake (12.3.2)
    shotgun (0.9.2)
      rack (>= 1.0)
    sinatra (2.0.5)
      mustermann (~> 1.0)
      rack (~> 2.0)
      rack-protection (= 2.0.5)
      tilt (~> 2.0)
    tilt (2.0.9)

PLATFORMS
  ruby

DEPENDENCIES
  pg
  rake
  shotgun
  sinatra

BUNDLED WITH
   1.17.3
